GEM
  remote: https://rubygems.org/
  specs:
    activesupport (5.2.1)
      concurrent-ruby (~> 1.0, >= 1.0.2)
      i18n (>= 0.7, < 2)
      minitest (~> 5.1)
      tzinfo (~> 1.1)
    byebug (10.0.2)
    coderay (1.1.2)
    concurrent-ruby (1.1.9)
    diff-lcs (1.4.4)
    i18n (1.8.11)
      concurrent-ruby (~> 1.0)
    method_source (0.9.2)
    minitest (5.14.4)
    pry (0.11.3)
      coderay (~> 1.1.0)
      method_source (~> 0.9.0)
    pry-byebug (3.6.0)
      byebug (~> 10.0)
      pry (~> 0.10)
    rake (13.0.6)
    rspec (3.10.0)
      rspec-core (~> 3.10.0)
      rspec-expectations (~> 3.10.0)
      rspec-mocks (~> 3.10.0)
    rspec-core (3.10.1)
      rspec-support (~> 3.10.0)
    rspec-expectations (3.10.1)
      diff-lcs (>= 1.2.0, < 2.0)
      rspec-support (~> 3.10.0)
    rspec-mocks (3.10.2)
      diff-lcs (>= 1.2.0, < 2.0)
      rspec-support (~> 3.10.0)
    rspec-support (3.10.3)
    thread_safe (0.3.6)
    tzinfo (1.2.9)
      thread_safe (~> 0.1)

PLATFORMS
  x86_64-darwin-18

DEPENDENCIES
  activesupport (= 5.2.1)
  pry-byebug
  rake
  rspec

RUBY VERSION
   ruby 2.6.6p146

BUNDLED WITH
   2.2.17
